PATH
  remote: .
  specs:
    onceover-codequality (1.0.0)
      onceover (~> 5.0)
      puppet-lint (~> 4.3)
      puppet-strings (~> 5.0)
      puppet-syntax (~> 6.0)

GEM
  remote: https://rubygems.org/
  specs:
    CFPropertyList (3.0.7)
      base64
      nkf
      rexml
    activesupport (8.0.2)
      base64
      benchmark (>= 0.3)
      bigdecimal
      concurrent-ruby (~> 1.0, >= 1.3.1)
      connection_pool (>= 2.2.5)
      drb
      i18n (>= 1.6, < 2)
      logger (>= 1.4.2)
      minitest (>= 5.1)
      securerandom (>= 0.3)
      tzinfo (~> 2.0, >= 2.0.5)
      uri (>= 0.13.1)
    addressable (2.8.7)
      public_suffix (>= 2.0.2, < 7.0)
    ast (2.4.3)
    backticks (1.0.5)
    base64 (0.3.0)
    benchmark (0.4.1)
    bigdecimal (3.2.2)
    blockenspiel (0.5.0)
    colored (1.2)
    colored2 (4.0.3)
    concurrent-ruby (1.3.5)
    connection_pool (2.5.3)
    cri (2.15.12)
    deep_merge (1.2.2)
    diff-lcs (1.6.2)
    drb (2.2.3)
    erubi (1.13.1)
    facter (4.10.0)
      hocon (~> 1.3)
      thor (>= 1.0.1, < 1.3)
    facterdb (3.8.0)
      jgrep (~> 1.5, >= 1.5.4)
    faraday (2.13.1)
      faraday-net_http (>= 2.0, < 3.5)
      json
      logger
    faraday-follow_redirects (0.3.0)
      faraday (>= 1, < 3)
    faraday-net_http (3.4.1)
      net-http (>= 0.5.0)
    fast_gettext (2.4.0)
      prime
    forwardable (1.3.3)
    getoptlong (0.2.1)
    gettext (3.5.1)
      erubi
      locale (>= 2.0.5)
      prime
      racc
      text (>= 1.3.0)
    gettext-setup (1.1.0)
      fast_gettext (~> 2.1)
      gettext (~> 3.4)
      locale
    git (3.1.0)
      activesupport (>= 5.0)
      addressable (~> 2.8)
      process_executer (~> 1.3)
      rchardet (~> 1.9)
    hocon (1.4.0)
    i18n (1.14.7)
      concurrent-ruby (~> 1.0)
    jgrep (1.5.4)
    json (2.12.2)
    json-schema (5.1.1)
      addressable (~> 2.8)
      bigdecimal (~> 3.1)
    jwt (2.10.1)
      base64
    little-plugger (1.1.4)
    locale (2.1.4)
    log4r (1.1.10)
    logger (1.7.0)
    logging (2.4.0)
      little-plugger (~> 1.1)
      multi_json (~> 1.14)
    metadata-json-lint (4.2.1)
      json-schema (>= 2.8, < 6.0)
      semantic_puppet (~> 1.0)
      spdx-licenses (~> 1.0)
    minitar (1.0.2)
    minitest (5.25.5)
    multi_json (1.15.0)
    net-http (0.6.0)
      uri
    nkf (0.2.0)
    onceover (5.0.0)
      backticks (~> 1.0)
      colored (~> 1.2)
      cri (~> 2.6)
      deep_merge (~> 1.0)
      git (~> 3.1)
      logging (~> 2.0)
      multi_json (~> 1.10)
      openvox (~> 8.0)
      parallel_tests (~> 5.3)
      r10k (~> 5.0)
      rake (~> 13.3)
      rspec (~> 3.0)
      rspec-puppet (~> 5.0)
      rspec_junit_formatter (~> 0.6)
      terminal-table (~> 4.0)
      versionomy (~> 0.5)
      voxpupuli-test (~> 11.0)
    openfact (5.0.0)
      hocon (~> 1.3)
      thor (>= 1.0.1, < 1.3)
    openvox (8.20.0)
      base64 (>= 0.1, < 0.4)
      benchmark (>= 0.3, < 0.5)
      concurrent-ruby (~> 1.0)
      deep_merge (~> 1.0)
      fast_gettext (>= 2.1, < 4)
      getoptlong (~> 0.2.0)
      locale (~> 2.1)
      multi_json (~> 1.13)
      openfact (~> 5.0)
      ostruct (~> 0.6.0)
      puppet-resource_api (~> 1.5)
      racc (~> 1.5)
      scanf (~> 1.0)
      semantic_puppet (~> 1.0)
    openvox-strings (5.0.0)
      openvox (>= 7, < 9)
      rgen (~> 0.9)
      yard (~> 0.9)
    ostruct (0.6.2)
    parallel (1.27.0)
    parallel_tests (5.3.0)
      parallel
    parser (3.3.8.0)
      ast (~> 2.4.1)
      racc
    prime (0.1.4)
      forwardable
      singleton
    prism (1.4.0)
    process_executer (1.3.0)
    public_suffix (6.0.2)
    puppet (8.10.0)
      concurrent-ruby (~> 1.0)
      deep_merge (~> 1.0)
      facter (>= 4.3.0, < 5)
      fast_gettext (>= 2.1, < 4)
      getoptlong (~> 0.2.0)
      locale (~> 2.1)
      multi_json (~> 1.13)
      puppet-resource_api (~> 1.5)
      scanf (~> 1.0)
      semantic_puppet (~> 1.0)
    puppet (8.10.0-universal-darwin)
      CFPropertyList (>= 3.0.6, < 4)
      concurrent-ruby (~> 1.0)
      deep_merge (~> 1.0)
      facter (>= 4.3.0, < 5)
      fast_gettext (>= 2.1, < 4)
      getoptlong (~> 0.2.0)
      locale (~> 2.1)
      multi_json (~> 1.13)
      puppet-resource_api (~> 1.5)
      scanf (~> 1.0)
      semantic_puppet (~> 1.0)
    puppet-lint (4.3.0)
    puppet-lint-absolute_classname-check (4.0.0)
      puppet-lint (>= 3.0, < 5)
    puppet-lint-anchor-check (2.0.0)
      puppet-lint (>= 3, < 5)
    puppet-lint-file_ensure-check (2.0.0)
      puppet-lint (>= 3, < 5)
    puppet-lint-leading_zero-check (2.0.0)
      puppet-lint (>= 3, < 5)
    puppet-lint-lookup_in_parameter-check (2.0.0)
      puppet-lint (>= 3, < 5)
    puppet-lint-manifest_whitespace-check (0.3.0)
      puppet-lint (>= 1.0, < 5)
    puppet-lint-optional_default-check (2.0.0)
      puppet-lint (>= 3, < 5)
    puppet-lint-param-docs (2.0.0)
      puppet-lint (>= 3, < 5)
    puppet-lint-param-types (2.0.0)
      puppet-lint (>= 3, < 5)
    puppet-lint-params_empty_string-check (2.0.0)
      puppet-lint (>= 3, < 5)
    puppet-lint-resource_reference_syntax (2.0.0)
      puppet-lint (>= 3, < 5)
    puppet-lint-strict_indent-check (3.0.0)
      puppet-lint (>= 3, < 5)
    puppet-lint-topscope-variable-check (2.0.0)
      puppet-lint (>= 3, < 5)
    puppet-lint-trailing_comma-check (2.0.0)
      puppet-lint (>= 3, < 5)
    puppet-lint-unquoted_string-check (3.0.0)
      puppet-lint (>= 3, < 5)
    puppet-lint-variable_contains_upcase (2.0.0)
      puppet-lint (>= 3, < 5)
    puppet-lint-version_comparison-check (2.0.0)
      puppet-lint (>= 3, < 5)
    puppet-resource_api (1.9.0)
      hocon (>= 1.0)
    puppet-strings (5.0.0)
      puppet (>= 8.0.0)
      rgen (~> 0.9)
      yard (~> 0.9)
    puppet-syntax (6.0.0)
      openvox (>= 7, < 9)
      rake (~> 13.1)
    puppet_fixtures (1.0.0)
      rake (~> 13.0)
    puppet_forge (6.0.0)
      faraday (~> 2.0)
      faraday-follow_redirects (~> 0.3.0)
      minitar (~> 1.0, >= 1.0.2)
      semantic_puppet (~> 1.0)
    r10k (5.0.1)
      colored2 (~> 4.0)
      cri (>= 2.15.10)
      gettext-setup (>= 0.24, < 2.0)
      jwt (>= 2.2.3, < 3)
      log4r (= 1.1.10)
      minitar (>= 0.9, < 2)
      multi_json (~> 1.10)
      puppet_forge (>= 4.1.0, < 7)
    racc (1.8.1)
    rainbow (3.1.1)
    rake (13.3.0)
    rchardet (1.9.0)
    regexp_parser (2.10.0)
    rexml (3.4.1)
    rgen (0.10.2)
    rspec (3.13.1)
      rspec-core (~> 3.13.0)
      rspec-expectations (~> 3.13.0)
      rspec-mocks (~> 3.13.0)
    rspec-core (3.13.5)
      rspec-support (~> 3.13.0)
    rspec-expectations (3.13.5)
      diff-lcs (>= 1.2.0, < 2.0)
      rspec-support (~> 3.13.0)
    rspec-github (3.0.0)
      rspec-core (~> 3.0)
    rspec-mocks (3.13.5)
      diff-lcs (>= 1.2.0, < 2.0)
      rspec-support (~> 3.13.0)
    rspec-puppet (5.0.0)
      rspec (~> 3.0)
    rspec-puppet-facts (5.4.0)
      deep_merge (~> 1.2)
      facter (< 5)
      facterdb (~> 3.1)
    rspec-support (3.13.4)
    rspec_junit_formatter (0.6.0)
      rspec-core (>= 2, < 4, != 2.12.0)
    rubocop (1.50.2)
      json (~> 2.3)
      parallel (~> 1.10)
      parser (>= 3.2.0.0)
      rainbow (>= 2.2.2, < 4.0)
      regexp_parser (>= 1.8, < 3.0)
      rexml (>= 3.2.5, < 4.0)
      rubocop-ast (>= 1.28.0, < 2.0)
      ruby-progressbar (~> 1.7)
      unicode-display_width (>= 2.4.0, < 3.0)
    rubocop-ast (1.45.1)
      parser (>= 3.3.7.2)
      prism (~> 1.4)
    rubocop-capybara (2.21.0)
      rubocop (~> 1.41)
    rubocop-rake (0.6.0)
      rubocop (~> 1.0)
    rubocop-rspec (2.20.0)
      rubocop (~> 1.33)
      rubocop-capybara (~> 2.17)
    ruby-progressbar (1.13.0)
    scanf (1.0.0)
    securerandom (0.4.1)
    semantic_puppet (1.1.1)
    singleton (0.3.0)
    spdx-licenses (1.3.0)
    syslog (0.3.0)
      logger
    terminal-table (4.0.0)
      unicode-display_width (>= 1.1.1, < 4)
    text (1.3.1)
    thor (1.2.2)
    tzinfo (2.0.6)
      concurrent-ruby (~> 1.0)
    unicode-display_width (2.6.0)
    uri (1.0.3)
    versionomy (0.5.0)
      blockenspiel (~> 0.5)
    voxpupuli-puppet-lint-plugins (5.0.0)
      puppet-lint (~> 4.0)
      puppet-lint-absolute_classname-check (~> 4.0)
      puppet-lint-anchor-check (~> 2.0)
      puppet-lint-file_ensure-check (~> 2.0)
      puppet-lint-leading_zero-check (~> 2.0)
      puppet-lint-lookup_in_parameter-check (~> 2.0)
      puppet-lint-manifest_whitespace-check (~> 0.3, < 1.0.0)
      puppet-lint-optional_default-check (~> 2.0)
      puppet-lint-param-docs (~> 2.0)
      puppet-lint-param-types (~> 2.0)
      puppet-lint-params_empty_string-check (~> 2.0)
      puppet-lint-resource_reference_syntax (~> 2.0)
      puppet-lint-strict_indent-check (~> 3.0)
      puppet-lint-topscope-variable-check (~> 2.0)
      puppet-lint-trailing_comma-check (~> 2.0)
      puppet-lint-unquoted_string-check (~> 3.0)
      puppet-lint-variable_contains_upcase (~> 2.0)
      puppet-lint-version_comparison-check (~> 2.0)
    voxpupuli-test (11.1.0)
      facterdb (~> 3.1)
      metadata-json-lint (~> 4.0)
      openvox-strings (~> 5.0)
      parallel_tests (>= 4.2, < 6)
      puppet-syntax (~> 6.0)
      puppet_fixtures (>= 0.1, < 2)
      rake (~> 13.0, >= 13.0.6)
      rspec-github (>= 2.0, < 4)
      rspec-puppet (~> 5.0)
      rspec-puppet-facts (~> 5.4)
      rubocop (~> 1.50.0)
      rubocop-rake (~> 0.6.0)
      rubocop-rspec (~> 2.20.0)
      syslog (~> 0.3.0)
      voxpupuli-puppet-lint-plugins (~> 5.0)
    yard (0.9.37)

PLATFORMS
  ruby
  universal-darwin

DEPENDENCIES
  bundler (~> 2.6)
  onceover-codequality!
  rake (~> 13.3)
  rspec (~> 3.13)

BUNDLED WITH
   2.6.7
