PATH
  remote: .
  specs:
    onceover-codequality (0.11.0)
      onceover (~> 3)
      puppet-strings (~> 4)
      puppet-syntax (~> 3)
      puppetlabs-puppet-lint (~> 5)

GEM
  remote: https://rubygems.org/
  specs:
    addressable (2.8.4)
      public_suffix (>= 2.0.2, < 6.0)
    backticks (1.0.5)
    blockenspiel (0.5.0)
    colored (1.2)
    colored2 (3.1.2)
    concurrent-ruby (1.2.2)
    cri (2.15.11)
    deep_merge (1.2.2)
    diff-lcs (1.5.0)
    erubi (1.12.0)
    facter (4.4.1)
      hocon (~> 1.3)
      thor (>= 1.0.1, < 2.0)
    faraday (1.10.3)
      faraday-em_http (~> 1.0)
      faraday-em_synchrony (~> 1.0)
      faraday-excon (~> 1.1)
      faraday-httpclient (~> 1.0)
      faraday-multipart (~> 1.0)
      faraday-net_http (~> 1.0)
      faraday-net_http_persistent (~> 1.0)
      faraday-patron (~> 1.0)
      faraday-rack (~> 1.0)
      faraday-retry (~> 1.0)
      ruby2_keywords (>= 0.0.4)
    faraday-em_http (1.0.0)
    faraday-em_synchrony (1.0.0)
    faraday-excon (1.1.0)
    faraday-httpclient (1.0.1)
    faraday-multipart (1.0.4)
      multipart-post (~> 2)
    faraday-net_http (1.0.1)
    faraday-net_http_persistent (1.2.0)
    faraday-patron (1.0.0)
    faraday-rack (1.0.0)
    faraday-retry (1.0.3)
    faraday_middleware (1.2.0)
      faraday (~> 1.0)
    fast_gettext (2.3.0)
    forwardable (1.3.3)
    gettext (3.4.4)
      erubi
      locale (>= 2.0.5)
      prime
      racc
      text (>= 1.3.0)
    gettext-setup (1.1.0)
      fast_gettext (~> 2.1)
      gettext (~> 3.4)
      locale
    git (1.18.0)
      addressable (~> 2.8)
      rchardet (~> 1.8)
    hocon (1.4.0)
    jwt (2.2.3)
    little-plugger (1.1.4)
    locale (2.1.3)
    log4r (1.1.10)
    logging (2.3.1)
      little-plugger (~> 1.1)
      multi_json (~> 1.14)
    minitar (0.9)
    mocha (1.16.1)
    multi_json (1.15.0)
    multipart-post (2.3.0)
    onceover (3.20.0)
      backticks (>= 1.0.2)
      colored (~> 1.2)
      cri (>= 2.6)
      deep_merge (>= 1.0.0)
      git
      logging (>= 2.0.0)
      multi_json (~> 1.10)
      parallel_tests (>= 2.0.0)
      puppet (>= 4.0)
      puppetlabs_spec_helper (>= 0.4.0)
      r10k (>= 2.1.0)
      rake (>= 10.0.0)
      rspec (>= 3.0.0)
      rspec-puppet (>= 2.4.0)
      rspec_junit_formatter (>= 0.2.0)
      terminal-table (>= 1.8.0)
      versionomy (>= 0.5.0)
    parallel (1.23.0)
    parallel_tests (4.2.1)
      parallel
    pathspec (1.1.3)
    prime (0.1.2)
      forwardable
      singleton
    public_suffix (5.0.1)
    puppet (8.1.0)
      concurrent-ruby (~> 1.0)
      deep_merge (~> 1.0)
      facter (>= 4.3.0, < 5)
      fast_gettext (>= 2.1, < 3)
      locale (~> 2.1)
      multi_json (~> 1.13)
      puppet-resource_api (~> 1.5)
      scanf (~> 1.0)
      semantic_puppet (~> 1.0)
    puppet-lint (4.0.0)
    puppet-resource_api (1.8.14)
      hocon (>= 1.0)
    puppet-strings (4.0.0)
      rgen (~> 0.9)
      yard (~> 0.9)
    puppet-syntax (3.3.0)
      puppet (>= 5)
      rake
    puppet_forge (3.2.0)
      faraday (~> 1.3)
      faraday_middleware (~> 1.0)
      minitar
      semantic_puppet (~> 1.0)
    puppetlabs-puppet-lint (5.0.0)
    puppetlabs_spec_helper (6.0.1)
      mocha (~> 1.0)
      pathspec (>= 0.2, < 2.0.0)
      puppet-lint (>= 3.0.0)
      puppet-syntax (~> 3.0)
      rspec-github (~> 2.0)
      rspec-puppet (>= 2.0)
    r10k (3.15.4)
      colored2 (= 3.1.2)
      cri (>= 2.15.10)
      fast_gettext (>= 1.1.0, < 3.0.0)
      gettext (>= 3.0.2, < 4.0.0)
      gettext-setup (>= 0.24, < 2.0.0)
      jwt (~> 2.2.3)
      log4r (= 1.1.10)
      minitar (~> 0.9)
      multi_json (~> 1.10)
      puppet_forge (>= 2.3.0, < 4.0.0)
    racc (1.7.1)
    rake (13.0.6)
    rchardet (1.8.0)
    rgen (0.9.1)
    rspec (3.12.0)
      rspec-core (~> 3.12.0)
      rspec-expectations (~> 3.12.0)
      rspec-mocks (~> 3.12.0)
    rspec-core (3.12.2)
      rspec-support (~> 3.12.0)
    rspec-expectations (3.12.3)
      diff-lcs (>= 1.2.0, < 2.0)
      rspec-support (~> 3.12.0)
    rspec-github (2.4.0)
      rspec-core (~> 3.0)
    rspec-mocks (3.12.5)
      diff-lcs (>= 1.2.0, < 2.0)
      rspec-support (~> 3.12.0)
    rspec-puppet (3.0.0)
      rspec
    rspec-support (3.12.0)
    rspec_junit_formatter (0.6.0)
      rspec-core (>= 2, < 4, != 2.12.0)
    ruby2_keywords (0.0.5)
    scanf (1.0.0)
    semantic_puppet (1.1.0)
    singleton (0.1.1)
    terminal-table (3.0.2)
      unicode-display_width (>= 1.1.1, < 3)
    text (1.3.1)
    thor (1.2.2)
    unicode-display_width (2.4.2)
    versionomy (0.5.0)
      blockenspiel (~> 0.5)
    yard (0.9.34)

PLATFORMS
  x86_64-linux

DEPENDENCIES
  bundler (~> 2.4)
  onceover-codequality!
  rake (~> 13.0)
  rspec (~> 3.12)

BUNDLED WITH
   2.4.6
